GEM
  remote: https://rubygems.org/
  specs:
    arrayfields (4.9.2)
    chronic (0.10.2)
    coderay (1.1.3)
    fattr (2.4.0)
    main (5.3.2)
      arrayfields (>= 4.7.4)
      chronic (>= 0.6.2)
      fattr (>= 2.2.0)
      map (>= 5.1.0)
      pry (>= 0.9)
    map (6.6.0)
    method_source (1.0.0)
    net-telnet (0.1.1)
    pry (0.14.1)
      coderay (~> 1.1)
      method_source (~> 1.0)
    rake (12.3.3)
    ruboto (1.6.1)
      main (~> 5.2)
      net-telnet (~> 0.1.1)
      rake (>= 11.3, < 13)
      rubyzip (~> 1.0)
    rubyzip (1.3.0)

PLATFORMS
  x86_64-linux

DEPENDENCIES
  ruboto

BUNDLED WITH
   2.2.32
